PATH
  remote: .
  specs:
    sablon (0.3.2)
      nokogiri (>= 1.8.5)
      rubyzip (>= 1.3.0)

GEM
  remote: https://rubygems.org/
  specs:
    mini_portile2 (2.4.0)
    minitest (5.10.3)
    nokogiri (1.10.8)
      mini_portile2 (~> 2.4.0)
    rake (12.3.0)
    rubyzip (1.3.0)
    xml-simple (1.1.5)

PLATFORMS
  ruby

DEPENDENCIES
  bundler (>= 1.6)
  minitest (~> 5.4)
  rake (~> 12.0)
  sablon!
  xml-simple

BUNDLED WITH
   1.16.1
