PATH
  remote: .
  specs:
    sablon (0.1.0)
      nokogiri (>= 1.6.0)
      rubyzip (>= 1.1.1)

GEM
  remote: https://rubygems.org/
  specs:
    mini_portile2 (2.3.0)
    minitest (5.10.3)
    nokogiri (1.8.1)
      mini_portile2 (~> 2.3.0)
    rake (12.3.0)
    rubyzip (1.2.1)
    xml-simple (1.1.5)

PLATFORMS
  ruby

DEPENDENCIES
  bundler (>= 1.6)
  minitest (~> 5.4)
  rake (~> 12.0)
  sablon!
  xml-simple

BUNDLED WITH
   1.16.0
