PATH
  remote: .
  specs:
    sablon (0.0.21)
      nokogiri (>= 1.6.0)
      rubyzip (>= 1.1.1)

GEM
  remote: https://rubygems.org/
  specs:
    byebug (9.1.0)
    coderay (1.1.2)
    docile (1.1.5)
    json (2.1.0)
    method_source (0.9.0)
    mini_portile2 (2.2.0)
    minitest (5.8.0)
    nokogiri (1.8.0)
      mini_portile2 (~> 2.2.0)
    pry (0.11.3)
      coderay (~> 1.1.0)
      method_source (~> 0.9.0)
    pry-byebug (3.5.1)
      byebug (~> 9.1)
      pry (~> 0.10)
    rake (10.4.2)
    rubyzip (1.2.1)
    simplecov (0.15.1)
      docile (~> 1.1.0)
      json (>= 1.8, < 3)
      simplecov-html (~> 0.10.0)
    simplecov-html (0.10.2)
    xml-simple (1.1.5)

PLATFORMS
  ruby

DEPENDENCIES
  bundler (>= 1.6)
  minitest (~> 5.4)
  pry-byebug
  rake (~> 10.0)
  sablon!
  simplecov
  xml-simple

BUNDLED WITH
   1.16.0
