PATH
  remote: .
  specs:
    sablon (0.3.2)
      nokogiri (>= 1.8.5)
      rubyzip (>= 1.3.0)

GEM
  remote: https://rubygems.org/
  specs:
    minitest (5.20.0)
    nokogiri (1.15.5)
      racc (~> 1.4)
    racc (1.7.3)
    rake (13.1.0)
    rexml (3.2.6)
    rubyzip (2.3.2)
    xml-simple (1.1.9)
      rexml

PLATFORMS
  ruby

DEPENDENCIES
  bundler (>= 1.6)
  minitest (~> 5.4)
  rake (~> 13.0)
  sablon!
  xml-simple

BUNDLED WITH
   2.4.15
