PATH
  remote: .
  specs:
    sablon (0.1.0)
      nokogiri (>= 1.6.0)
      rubyzip (>= 1.1.1)

GEM
  remote: https://rubygems.org/
  specs:
    ast (2.3.0)
    byebug (9.1.0)
    codecov (0.1.10)
      json
      simplecov
      url
    coderay (1.1.2)
    docile (1.1.5)
    json (2.1.0)
    method_source (0.9.0)
    mini_portile2 (2.3.0)
    minitest (5.10.3)
    nokogiri (1.8.1)
      mini_portile2 (~> 2.3.0)
    parallel (1.12.1)
    parser (2.4.0.2)
      ast (~> 2.3)
    powerpack (0.1.1)
    pry (0.11.3)
      coderay (~> 1.1.0)
      method_source (~> 0.9.0)
    pry-byebug (3.5.1)
      byebug (~> 9.1)
      pry (~> 0.10)
    rainbow (3.0.0)
    rake (12.3.0)
    rubocop (0.52.0)
      parallel (~> 1.10)
      parser (>= 2.4.0.2, < 3.0)
      powerpack (~> 0.1)
      rainbow (>= 2.2.2, < 4.0)
      ruby-progressbar (~> 1.7)
      unicode-display_width (~> 1.0, >= 1.0.1)
    ruby-progressbar (1.9.0)
    rubyzip (1.2.1)
    simplecov (0.15.1)
      docile (~> 1.1.0)
      json (>= 1.8, < 3)
      simplecov-html (~> 0.10.0)
    simplecov-html (0.10.2)
    unicode-display_width (1.3.0)
    url (0.3.2)
    xml-simple (1.1.5)

PLATFORMS
  ruby

DEPENDENCIES
  bundler (>= 1.6)
  codecov
  minitest (~> 5.4)
  pry-byebug
  rake (~> 12.0)
  rubocop
  sablon!
  xml-simple

BUNDLED WITH
   1.16.0
