PATH
  remote: .
  specs:
    sablon (0.0.21)
      nokogiri (>= 1.6.0)
      rubyzip (>= 1.1)

GEM
  remote: https://rubygems.org/
  specs:
    mini_portile2 (2.1.0)
    minitest (5.8.0)
    nokogiri (1.7.1)
      mini_portile2 (~> 2.1.0)
    rake (10.4.2)
    rubyzip (1.2.1)
    xml-simple (1.1.5)

PLATFORMS
  ruby

DEPENDENCIES
  bundler (>= 1.6)
  minitest (~> 5.4)
  rake (~> 10.0)
  sablon!
  xml-simple

BUNDLED WITH
   1.14.5
